GEM
  remote: https://rubygems.org/
  specs:
    base64 (0.2.0)
    builder (3.2.4)
    faraday (2.7.11)
      base64
      faraday-net_http (>= 2.0, < 3.1)
      ruby2_keywords (>= 0.0.4)
    faraday-follow_redirects (0.1.0)
      faraday (>= 2, < 3)
    faraday-net_http (3.0.2)
    multi_json (1.15.0)
    rexml (3.2.6)
    ruby2_keywords (0.0.5)
    serrano (1.4)
      faraday (~> 2.2)
      faraday-follow_redirects (~> 0.1.0)
      multi_json (~> 1.15)
      rexml (~> 3.2, >= 3.2.5)
      thor (~> 1.2, >= 1.2.1)
    thor (1.3.0)

PLATFORMS
  x86_64-linux

DEPENDENCIES
  builder
  serrano

BUNDLED WITH
   2.3.26
